GEM
  remote: http://rubygems.org/
  specs:
    activemodel (3.0.7)
      activesupport (= 3.0.7)
      builder (~> 2.1.2)
      i18n (~> 0.5.0)
    activesupport (3.0.7)
    bson (1.3.1)
    bson_ext (1.3.1)
    builder (2.1.2)
    daemons (1.1.3)
    diff-lcs (1.1.2)
    eventmachine (0.12.10)
    fabrication (0.9.5)
    i18n (0.5.0)
    json (1.5.1)
    mongo (1.3.1)
      bson (>= 1.3.1)
    mongoid (2.0.2)
      activemodel (~> 3.0)
      mongo (~> 1.3)
      tzinfo (~> 0.3.22)
    rack (1.3.0)
    rack-test (0.6.0)
      rack (>= 1.0)
    rspec (2.6.0)
      rspec-core (~> 2.6.0)
      rspec-expectations (~> 2.6.0)
      rspec-mocks (~> 2.6.0)
    rspec-core (2.6.3)
    rspec-expectations (2.6.0)
      diff-lcs (~> 1.1.2)
    rspec-mocks (2.6.0)
    sinatra (1.2.6)
      rack (~> 1.1)
      tilt (< 2.0, >= 1.2.2)
    thin (1.2.11)
      daemons (>= 1.0.9)
      eventmachine (>= 0.12.6)
      rack (>= 1.0.0)
    tilt (1.3.1)
    tzinfo (0.3.27)

PLATFORMS
  ruby

DEPENDENCIES
  bson_ext
  fabrication
  json (= 1.5.1)
  mongoid (= 2.0.2)
  rack-test (= 0.6.0)
  rspec (= 2.6.0)
  sinatra (= 1.2.6)
  thin
